GEM
  remote: https://rubygems.org/
  specs:
    activesupport (3.2.14)
      i18n (~> 0.6, >= 0.6.4)
      multi_json (~> 1.0)
    dropbox-sdk (1.5.1)
      json
    i18n (0.6.4)
    json (1.8.0)
    multi_json (1.7.7)
    rack (1.5.2)
    rack-protection (1.5.0)
      rack
    rdiscount (1.6.8)
    sinatra (1.4.3)
      rack (~> 1.4)
      rack-protection (~> 1.4)
      tilt (~> 1.3, >= 1.3.4)
    tilt (1.4.1)
    tzinfo (0.3.37)

PLATFORMS
  ruby
  x86-mingw32

DEPENDENCIES
  activesupport (~> 3.2.13)
  dropbox-sdk (~> 1.5.1)
  rdiscount (~> 1.6.8)
  sinatra (~> 1.4.2)
  tzinfo (~> 0.3.4)
